GEM
  remote: http://rubygems.org/
  specs:
    abstract (1.0.0)
    actionmailer (3.0.0.beta2)
      actionpack (= 3.0.0.beta2)
      mail (~> 2.1.5.3)
      text-format (~> 1.0.0)
    actionpack (3.0.0.beta2)
      activemodel (= 3.0.0.beta2)
      activesupport (= 3.0.0.beta2)
      erubis (~> 2.6.5)
      rack (~> 1.1.0)
      rack-mount (~> 0.6.0)
      rack-test (~> 0.5.0)
    activemodel (3.0.0.beta2)
      activesupport (= 3.0.0.beta2)
    activerecord (3.0.0.beta2)
      activemodel (= 3.0.0.beta2)
      activesupport (= 3.0.0.beta2)
      arel (~> 0.3.3)
    activeresource (3.0.0.beta2)
      activemodel (= 3.0.0.beta2)
      activesupport (= 3.0.0.beta2)
    activesupport (3.0.0.beta2)
      builder (~> 2.1.2)
      i18n (~> 0.3.6)
      memcache-client (>= 1.7.5)
      tzinfo (~> 0.3.16)
    arel (0.3.3)
      activesupport (>= 3.0.0.beta)
    builder (2.1.2)
    crack (0.3.1)
    devise (1.1.rc0)
      warden (~> 0.10.3)
    erubis (2.6.6)
      abstract (>= 1.0.0)
    geocoder (1.1.0)
    gmaps4rails (1.3.2)
      crack
    i18n (0.3.7)
    json (1.6.4)
    mail (2.1.5.3)
      activesupport (>= 2.3.4)
      mime-types
      treetop (>= 1.4.5)
    memcache-client (1.8.5)
    metaclass (0.0.1)
    mime-types (1.17.2)
    mocha (0.10.0)
      metaclass (~> 0.0.1)
    nifty-generators (0.4.6)
    polyglot (0.3.3)
    rack (1.1.3)
    rack-mount (0.6.14)
      rack (>= 1.0.0)
    rack-test (0.5.7)
      rack (>= 1.0)
    rails (3.0.0.beta2)
      actionmailer (= 3.0.0.beta2)
      actionpack (= 3.0.0.beta2)
      activerecord (= 3.0.0.beta2)
      activeresource (= 3.0.0.beta2)
      activesupport (= 3.0.0.beta2)
      bundler (>= 0.9.14)
      railties (= 3.0.0.beta2)
    railties (3.0.0.beta2)
      actionpack (= 3.0.0.beta2)
      activesupport (= 3.0.0.beta2)
      rake (>= 0.8.3)
      thor (~> 0.13.4)
    rake (0.9.2.2)
    sqlite3 (1.3.5-x86-mingw32)
    sqlite3-ruby (1.3.3)
      sqlite3 (>= 1.3.3)
    text-format (1.0.0)
      text-hyphen (~> 1.0.0)
    text-hyphen (1.0.2)
    thor (0.13.8)
    treetop (1.4.10)
      polyglot
      polyglot (>= 0.3.1)
    tzinfo (0.3.31)
    warden (0.10.7)
      rack (>= 1.0.0)

PLATFORMS
  x86-mingw32

DEPENDENCIES
  devise (= 1.1.rc0)
  geocoder
  gmaps4rails
  json
  mocha
  nifty-generators
  rails (= 3.0.0.beta2)
  sqlite3-ruby
